GEM
  remote: https://rubygems.org/
  specs:
    celluloid (0.16.0)
      timers (~> 4.0.0)
    cuba (3.4.0)
      rack
    ffi (1.9.8)
    hitimes (1.2.2)
    listen (2.10.0)
      celluloid (~> 0.16.0)
      rb-fsevent (>= 0.9.3)
      rb-inotify (>= 0.9)
    rack (1.6.0)
    rack-protection (1.5.3)
      rack
    rb-fsevent (0.9.4)
    rb-inotify (0.9.5)
      ffi (>= 0.5.0)
    rerun (0.10.0)
      listen (~> 2.7, >= 2.7.3)
    tilt (2.0.1)
    timers (4.0.1)
      hitimes
    useragent (0.13.3)

PLATFORMS
  ruby

DEPENDENCIES
  cuba
  rack
  rack-protection
  rerun
  tilt
  useragent
